PATH
  remote: .
  specs:
    ladder_drive (0.5.2)
      activesupport (~> 4.2, >= 4.2.7)
      pi_piper
      thor (~> 0)

GEM
  remote: https://rubygems.org/
  specs:
    activesupport (4.2.10)
      i18n (~> 0.7)
      minitest (~> 5.1)
      thread_safe (~> 0.3, >= 0.3.4)
      tzinfo (~> 1.1)
    concurrent-ruby (1.0.5)
    eventmachine (1.0.9)
    ffi (1.9.25)
    ffi (1.9.25-x64-mingw32)
    i18n (0.9.5)
      concurrent-ruby (~> 1.0)
    minitest (5.11.3)
    pi_piper (2.0.0)
      eventmachine (= 1.0.9)
      ffi
    power_assert (1.1.3)
    rake (10.5.0)
    test-unit (3.2.8)
      power_assert
    thor (0.20.0)
    thread_safe (0.3.6)
    tzinfo (1.2.5)
      thread_safe (~> 0.1)

PLATFORMS
  ruby
  x64-mingw32

DEPENDENCIES
  activesupport (>= 4.2.7)
  bundler (~> 1.11)
  ladder_drive!
  pi_piper
  rake (~> 10.0)
  test-unit

BUNDLED WITH
   1.16.6
