PATH
  remote: .
  specs:
    escalator (0.1.0)
      thor

GEM
  remote: https://rubygems.org/
  specs:
    power_assert (0.2.7)
    rake (10.5.0)
    test-unit (3.1.7)
      power_assert
    thor (0.19.1)

PLATFORMS
  ruby

DEPENDENCIES
  bundler (~> 1.11)
  escalator!
  rake (~> 10.0)
  test-unit

BUNDLED WITH
   1.11.2
