PATH
  remote: .
  specs:
    ladder_drive (0.2.6)
      activesupport (>= 4.2.7)
      thor

GEM
  remote: https://rubygems.org/
  specs:
    activesupport (4.2.7.1)
      i18n (~> 0.7)
      json (~> 1.7, >= 1.7.7)
      minitest (~> 5.1)
      thread_safe (~> 0.3, >= 0.3.4)
      tzinfo (~> 1.1)
    i18n (0.7.0)
    json (1.8.3)
    minitest (5.9.1)
    power_assert (0.2.7)
    rake (10.5.0)
    test-unit (3.1.7)
      power_assert
    thor (0.19.4)
    thread_safe (0.3.5)
    tzinfo (1.2.2)
      thread_safe (~> 0.1)

PLATFORMS
  ruby
  x64-mingw32

DEPENDENCIES
  activesupport (>= 4.2.7)
  bundler (~> 1.11)
  ladder_drive!
  rake (~> 10.0)
  test-unit

BUNDLED WITH
   1.14.3
